GIT
  remote: https://github.com/davidmcclure/dor-services.git
  revision: d8de341726bb426821960cf64c147ee6df9f15e9
  branch: slab/geoMetadata
  specs:
    dor-services (4.4.4)
      active-fedora (~> 5.6, >= 5.6.3)
      activesupport
      confstruct (>= 0.2.2)
      dor-workflow-service (~> 1.4)
      druid-tools (>= 0.2.3)
      equivalent-xml (>= 0.2.2)
      json
      moab-versioning (= 1.3.0)
      net-sftp
      net-ssh
      net-ssh-krb (>= 0.3.0)
      nokogiri (>= 1.5.10)
      om
      progressbar
      rest-client
      rsolr-client-cert (>= 0.5.1)
      rsolr-ext
      ruby-cache
      ruby-graphviz
      solrizer (~> 2.0)
      stanford-mods (>= 0.0.14)
      systemu
      uuidtools
      validatable

GIT
  remote: https://github.com/davidmcclure/lyber-core.git
  revision: 9e37aa388e8a10bdffd62d232d2d9cb7edf2067f
  branch: feature/slab
  specs:
    lyber-core (1.3.0)
      actionpack
      active-fedora (>= 1.2.6)
      bagit (>= 0.1.0)
      daemons
      dor-services (>= 0.3.0)
      nokogiri
      solr-ruby (>= 0.0.8)
      solrizer (>= 0.3.1)
      stomp
      systemu (>= 1.2.0)
      validatable

GIT
  remote: https://github.com/drh-stanford/version_bumper.git
  revision: 0a682b031a6ba6c3de635687b7f1986be5bcd9a5
  branch: patch_tag
  specs:
    version_bumper (0.4.1.pre1)

GIT
  remote: https://github.com/sul-dlss/assembly-objectfile.git
  revision: 4e5ce5941b5b980f7049d1a9eaad87f13f880a56
  specs:
    assembly-objectfile (1.6.0)
      activesupport
      mime-types
      mini_exiftool (~> 1.6)
      nokogiri

GIT
  remote: https://github.com/sul-dlss/druid-tools.git
  revision: 3bbd101e2eb48ff6fbf2e9757eb291d41345ec48
  specs:
    druid-tools (0.3.0)

GIT
  remote: https://github.com/sul-dlss/rgeoserver.git
  revision: 8224e516207b5e3fe88ecbb8c6bf1fef2b3a4b43
  branch: 0.6.x
  specs:
    rgeoserver (0.6.4.2)
      activemodel (~> 3.2.14)
      activesupport (~> 3.2.14)
      confstruct (~> 0.2.5)
      mime-types (~> 1.24)
      nokogiri (~> 1.5.10)
      rest-client (~> 1.6.7)
      rgeo (~> 0.3.20)
      rgeo-shapefile (~> 0.2.3)
      rubyzip (~> 0.9.9)

PATH
  remote: .
  specs:
    geohydra (0.2.3.6)
      activerecord (~> 3.2.0)
      activerecord-postgresql-adapter
      activesupport (~> 3.2.0)
      bagit
      confstruct
      docopt
      fastimage
      json
      mods
      nokogiri (~> 1.5.10)
      rest-client
      rgeo
      rgeo-shapefile
      rgeoserver (~> 0.6.0)
      rsolr

GEM
  remote: https://rubygems.org/
  specs:
    actionpack (3.2.15)
      activemodel (= 3.2.15)
      activesupport (= 3.2.15)
      builder (~> 3.0.0)
      erubis (~> 2.7.0)
      journey (~> 1.0.4)
      rack (~> 1.4.5)
      rack-cache (~> 1.2)
      rack-test (~> 0.6.1)
      sprockets (~> 2.2.1)
    active-fedora (5.7.1)
      activeresource (>= 3.0.0)
      activesupport (>= 3.0.0)
      builder (~> 3.0.0)
      deprecation
      mediashelf-loggable
      nom-xml (>= 0.5.1)
      om (~> 1.8.0)
      rdf
      rdf-rdfxml (~> 0.3.8)
      rsolr
      rubydora (~> 1.6)
      solrizer (~> 2.1)
    activemodel (3.2.15)
      activesupport (= 3.2.15)
      builder (~> 3.0.0)
    activerecord (3.2.15)
      activemodel (= 3.2.15)
      activesupport (= 3.2.15)
      arel (~> 3.0.2)
      tzinfo (~> 0.3.29)
    activerecord-postgresql-adapter (0.0.1)
      pg
    activeresource (3.2.15)
      activemodel (= 3.2.15)
      activesupport (= 3.2.15)
    activesupport (3.2.15)
      i18n (~> 0.6, >= 0.6.4)
      multi_json (~> 1.0)
    addressable (2.3.5)
    arel (3.0.3)
    awesome_print (1.2.0)
    bagit (0.3.2)
      docopt (~> 0.5.0)
      validatable (~> 1.6)
    builder (3.0.4)
    coderay (1.1.0)
    confstruct (0.2.5)
    daemons (1.1.9)
    dbf (2.0.6)
      fastercsv (~> 1.5.4)
    deprecation (0.0.5)
      activesupport
    diff-lcs (1.2.5)
    docopt (0.5.0)
    dor-workflow-service (1.4.1)
      activesupport
      confstruct
      nokogiri
      rest-client
    equivalent-xml (0.3.0)
      nokogiri (>= 1.4.3)
    erubis (2.7.0)
    fastercsv (1.5.5)
    fastimage (1.5.4)
      addressable (~> 2.3, >= 2.3.5)
    ffi (1.9.3)
    gssapi (1.1.2)
      ffi (>= 1.0.1)
    happymapper (0.4.1)
      libxml-ruby (~> 2.0)
    hashery (2.1.1)
    hike (1.2.3)
    hooks (0.3.3)
    i18n (0.6.5)
    iso-639 (0.2.4)
    journey (1.0.4)
    json (1.8.1)
    libxml-ruby (2.7.0)
    mediashelf-loggable (0.4.9)
    method_source (0.8.2)
    mime-types (1.25.1)
    mini_exiftool (1.7.0)
    moab-versioning (1.3.0)
      confstruct
      happymapper
      hashery (>= 2.0.0)
      json
      nokogiri
      systemu
    mods (0.0.22)
      iso-639
      nokogiri
      nom-xml
    multi_json (1.8.2)
    net-sftp (2.1.2)
      net-ssh (>= 2.6.5)
    net-ssh (2.7.0)
    net-ssh-krb (0.3.0)
      gssapi (~> 1.1.2)
      net-ssh (>= 2.0)
    nokogiri (1.5.10)
    nom-xml (0.5.1)
      activesupport
      i18n
      nokogiri
    om (1.8.0)
      activemodel
      activesupport
      deprecation
      mediashelf-loggable
      nokogiri (>= 1.4.2)
    pg (0.17.0)
    progressbar (0.21.0)
    pry (0.9.12.4)
      coderay (~> 1.0)
      method_source (~> 0.8)
      slop (~> 3.4)
    rack (1.4.5)
    rack-cache (1.2)
      rack (>= 0.4)
    rack-test (0.6.2)
      rack (>= 1.0)
    rake (10.1.0)
    rdf (1.0.10.2)
      addressable (>= 2.3)
    rdf-rdfxml (0.3.9)
      rdf (>= 0.3.11)
      rdf-xsd (>= 0.3.8)
    rdf-xsd (1.0.2.1)
      nokogiri (>= 1.5.0)
      rdf (>= 0.3.4)
    rdoc (4.0.1)
      json (~> 1.4)
    redcarpet (3.0.0)
    rest-client (1.6.7)
      mime-types (>= 1.16)
    rgeo (0.3.20)
    rgeo-shapefile (0.2.3)
      dbf (>= 1.7.0)
      rgeo (>= 0.3.3)
    rsolr (1.0.9)
      builder (>= 2.1.2)
    rsolr-client-cert (0.5.2)
      rest-client
      rsolr
    rsolr-ext (1.0.3)
      rsolr (>= 1.0.2)
    rspec (2.14.1)
      rspec-core (~> 2.14.0)
      rspec-expectations (~> 2.14.0)
      rspec-mocks (~> 2.14.0)
    rspec-core (2.14.7)
    rspec-expectations (2.14.4)
      diff-lcs (>= 1.1.3, < 2.0)
    rspec-mocks (2.14.4)
    ruby-cache (0.3.0)
    ruby-graphviz (1.0.9)
    rubydora (1.6.5)
      activemodel
      activesupport
      deprecation
      equivalent-xml
      fastercsv
      hooks (~> 0.3.0)
      mime-types
      nokogiri
      rest-client
    rubyzip (0.9.9)
    slop (3.4.7)
    solr-ruby (0.0.8)
    solrizer (2.2.0)
      activesupport
      daemons
      mediashelf-loggable (~> 0.4.7)
      nokogiri
      om (>= 1.5.0)
      stomp
      xml-simple
    sprockets (2.2.2)
      hike (~> 1.2)
      multi_json (~> 1.0)
      rack (~> 1.0)
      tilt (~> 1.1, != 1.3.0)
    stanford-mods (0.0.22)
      mods
    stomp (1.3.1)
    systemu (2.5.2)
    tilt (1.4.1)
    tzinfo (0.3.38)
    uuidtools (2.1.4)
    validatable (1.6.7)
    xml-simple (1.1.2)
    yard (0.8.7.3)

PLATFORMS
  ruby

DEPENDENCIES
  assembly-objectfile!
  awesome_print
  dor-services!
  druid-tools!
  equivalent-xml
  geohydra!
  lyber-core!
  pry
  rake
  rdoc
  redcarpet
  rgeoserver!
  rspec
  version_bumper!
  yard
