GIT
  remote: corn.stanford.edu:/afs/ir/dev/dlss/git/lyberteam/assembly-objectfile.git
  revision: a5660d12835b24d4a0aaee205eafda779888b34f
  specs:
    assembly-objectfile (1.5.1)
      mime-types
      mini_exiftool
      nokogiri (~> 1)

GIT
  remote: https://github.com/sul-dlss/dor-services.git
  revision: ca729487c096400f05acf87dd6fdb8f96e88207f
  branch: geoMetadata
  specs:
    dor-services (4.3.0.3)
      active-fedora (~> 5.6, >= 5.6.3)
      confstruct (>= 0.2.2)
      dor-workflow-service (~> 1.3)
      druid-tools (>= 0.2.3)
      equivalent-xml (>= 0.2.2)
      json
      lyber-utils
      moab-versioning (>= 1.2.1)
      net-sftp
      net-ssh
      net-ssh-krb (>= 0.3.0)
      nokogiri (~> 1.5.6)
      om
      progressbar
      rest-client
      rsolr-client-cert (>= 0.5.1)
      rsolr-ext
      ruby-cache
      ruby-graphviz
      solrizer (~> 2.0)
      stanford-mods (>= 0.0.14)
      systemu
      uuidtools
      validatable

GIT
  remote: https://github.com/sul-dlss/mods.git
  revision: f57e833b5eb1950ec5e6afc03b426d28a1ecaca5
  specs:
    mods (0.0.22)
      iso-639
      nokogiri
      nom-xml

GIT
  remote: https://github.com/sul-dlss/rgeoserver.git
  revision: 55178c21d56c373e6bf3f4a7bf02df601222cda1
  branch: 0.6.x
  specs:
    rgeoserver (0.6.2)
      activemodel
      activesupport
      confstruct
      mime-types
      nokogiri
      rest-client
      rgeo (>= 0.3.20)
      rgeo-shapefile
      rubyzip

PATH
  remote: .
  specs:
    geomdtk (0.1.6)
      assembly-objectfile
      confstruct
      dor-services
      druid-tools
      fastimage
      mods
      nokogiri
      rest-client
      rgeoserver
      rsolr

GEM
  remote: https://rubygems.org/
  remote: http://sul-gems.stanford.edu/
  specs:
    active-fedora (5.6.3)
      activeresource (>= 3.0.0)
      activesupport (>= 3.0.0)
      builder (~> 3.0.0)
      deprecation
      mediashelf-loggable
      nom-xml (>= 0.5.1)
      om (~> 1.8.0)
      rdf
      rdf-rdfxml (~> 0.3.8)
      rsolr
      rubydora (~> 1.3)
      solrizer (~> 2.1)
    activemodel (3.2.12)
      activesupport (= 3.2.12)
      builder (~> 3.0.0)
    activeresource (3.2.12)
      activemodel (= 3.2.12)
      activesupport (= 3.2.12)
    activesupport (3.2.12)
      i18n (~> 0.6)
      multi_json (~> 1.0)
    addressable (2.3.4)
    awesome_print (1.1.0)
    bagit (0.3.1)
      docopt (~> 0.5.0)
      validatable (~> 1.6)
    builder (3.0.4)
    coderay (1.0.9)
    confstruct (0.2.5)
    daemons (1.1.9)
    dbf (2.0.4)
      fastercsv (~> 1.5.4)
    deprecation (0.0.5)
      activesupport
    diff-lcs (1.2.4)
    docopt (0.5.0)
    dor-workflow-service (1.3.2)
      activesupport
      confstruct
      nokogiri
      rest-client
    druid-tools (0.2.3)
    equivalent-xml (0.3.0)
      nokogiri (>= 1.4.3)
    fastercsv (1.5.5)
    fastimage (1.4.0)
    ffi (1.9.0)
    gssapi (1.1.2)
      ffi (>= 1.0.1)
    happymapper (0.4.0)
      libxml-ruby (~> 2.0)
    hashery (2.1.0)
    hooks (0.3.1)
    i18n (0.6.4)
    iso-639 (0.1.0)
    json (1.8.0)
    libxml-ruby (2.6.0)
    lyber-utils (0.1.2)
      bagit (>= 0.1.0)
      nokogiri (>= 1.4.3.1)
      systemu (>= 1.2.0)
      validatable
    mediashelf-loggable (0.4.9)
    method_source (0.8.1)
    mime-types (1.23)
    mini_exiftool (2.1.0)
    moab-versioning (1.2.7)
      confstruct
      happymapper
      hashery (>= 2.0.0)
      json
      nokogiri
      systemu
    multi_json (1.7.7)
    net-sftp (2.1.2)
      net-ssh (>= 2.6.5)
    net-ssh (2.6.7)
    net-ssh-krb (0.3.0)
      gssapi (~> 1.1.2)
      net-ssh (>= 2.0)
    nokogiri (1.5.10)
    nom-xml (0.5.1)
      activesupport
      i18n
      nokogiri
    om (1.8.0)
      activemodel
      activesupport
      deprecation
      mediashelf-loggable
      nokogiri (>= 1.4.2)
    progressbar (0.20.0)
    pry (0.9.12.2)
      coderay (~> 1.0.5)
      method_source (~> 0.8)
      slop (~> 3.4)
    rake (10.1.0)
    rdf (1.0.7)
      addressable (>= 2.2)
    rdf-rdfxml (0.3.9)
      rdf (>= 0.3.11)
      rdf-xsd (>= 0.3.8)
    rdf-xsd (1.0.2.1)
      nokogiri (>= 1.5.0)
      rdf (>= 0.3.4)
    rdoc (4.0.1)
      json (~> 1.4)
    redcarpet (2.3.0)
    rest-client (1.6.7)
      mime-types (>= 1.16)
    rgeo (0.3.20)
    rgeo-shapefile (0.2.3)
      dbf (>= 1.7.0)
      rgeo (>= 0.3.3)
    rsolr (1.0.9)
      builder (>= 2.1.2)
    rsolr-client-cert (0.5.2)
      rest-client
      rsolr
    rsolr-ext (1.0.3)
      rsolr (>= 1.0.2)
    rspec (2.13.0)
      rspec-core (~> 2.13.0)
      rspec-expectations (~> 2.13.0)
      rspec-mocks (~> 2.13.0)
    rspec-core (2.13.1)
    rspec-expectations (2.13.0)
      diff-lcs (>= 1.1.3, < 2.0)
    rspec-mocks (2.13.1)
    ruby-cache (0.3.0)
    ruby-graphviz (1.0.9)
    rubydora (1.6.5)
      activemodel
      activesupport
      deprecation
      equivalent-xml
      fastercsv
      hooks (~> 0.3.0)
      mime-types
      nokogiri
      rest-client
    rubyzip (0.9.9)
    slop (3.4.5)
    solrizer (2.1.0)
      activesupport
      daemons
      mediashelf-loggable (~> 0.4.7)
      nokogiri
      om (>= 1.5.0)
      stomp
      xml-simple
    stanford-mods (0.0.15)
      mods
    stomp (1.2.9)
    systemu (2.5.2)
    uuidtools (2.1.4)
    validatable (1.6.7)
    xml-simple (1.1.2)
    yard (0.8.6.1)

PLATFORMS
  ruby

DEPENDENCIES
  assembly-objectfile!
  awesome_print
  dor-services!
  equivalent-xml
  geomdtk!
  mods!
  pry
  rake
  rdoc
  redcarpet
  rgeoserver!
  rspec
  yard
